PATH
  remote: .
  specs:
    cyclid-core (0.1.0)
      rack (~> 1.6.0)

GEM
  remote: https://rubygems.org/
  specs:
    ast (2.2.0)
    docile (1.1.5)
    json (1.8.3)
    parser (2.3.0.7)
      ast (~> 2.2)
    powerpack (0.1.1)
    rack (1.6.4)
    rainbow (2.1.0)
    rake (11.1.2)
    rubocop (0.39.0)
      parser (>= 2.3.0.7, < 3.0)
      powerpack (~> 0.1)
      rainbow (>= 1.99.1, < 3.0)
      ruby-progressbar (~> 1.7)
      unicode-display_width (~> 1.0, >= 1.0.1)
    ruby-progressbar (1.7.5)
    rubygems-tasks (0.2.4)
    simplecov (0.11.2)
      docile (~> 1.1.0)
      json (~> 1.8)
      simplecov-html (~> 0.10.0)
    simplecov-html (0.10.0)
    unicode-display_width (1.0.3)

PLATFORMS
  ruby

DEPENDENCIES
  cyclid-core!
  rake
  rubocop
  rubygems-tasks
  simplecov

BUNDLED WITH
   1.11.2
